GEM
  remote: https://rubygems.org/
  specs:
    byebug (11.1.3)
    mustermann (3.0.0)
      ruby2_keywords (~> 0.0.1)
    mysql2 (0.5.5)
    rack (2.2.7)
    rack-protection (3.0.6)
      rack
    ruby2_keywords (0.0.5)
    sinatra (3.0.6)
      mustermann (~> 3.0)
      rack (~> 2.2, >= 2.2.4)
      rack-protection (= 3.0.6)
      tilt (~> 2.0)
    tilt (2.2.0)
    yaml (0.2.1)

PLATFORMS
  x86_64-darwin-20

DEPENDENCIES
  byebug
  mysql2
  sinatra
  yaml

RUBY VERSION
   ruby 3.2.0p0

BUNDLED WITH
   2.4.13
